GEM
  remote: https://rubygems.org/
  specs:
    alfredo (0.1.2)
      nokogiri
    faker (1.5.0)
      i18n (~> 0.5)
    faraday (0.9.1)
      multipart-post (>= 1.2, < 3)
    i18n (0.7.0)
    metaclass (0.0.4)
    mini_portile (0.6.2)
    minitest (4.2.0)
    mocha (1.1.0)
      metaclass (~> 0.0.1)
    multipart-post (2.0.0)
    nokogiri (1.6.6.2)
      mini_portile (~> 0.6.0)
    rake (10.4.2)

PLATFORMS
  ruby

DEPENDENCIES
  alfredo (~> 0.1.2)
  faker (~> 1.5.0)
  faraday (~> 0.9.1)
  minitest (~> 4.2.0)
  mocha (~> 1.1.0)
  rake (~> 10.4)

BUNDLED WITH
   1.10.5
