GEM
  remote: https://rubygems.org/
  specs:
    alfredo (0.1.2)
      nokogiri
    faker (1.5.0)
      i18n (~> 0.5)
    faraday (0.9.1)
      multipart-post (>= 1.2, < 3)
    i18n (0.7.0)
    mini_portile (0.6.2)
    minitest (4.2.0)
    multipart-post (2.0.0)
    nokogiri (1.6.6.2)
      mini_portile (~> 0.6.0)

PLATFORMS
  ruby

DEPENDENCIES
  alfredo (~> 0.1.2)
  faker (~> 1.5.0)
  faraday (~> 0.9.1)
  minitest (~> 4.2.0)

BUNDLED WITH
   1.10.5
